GEM
  remote: http://ruby.taobao.org/
  specs:
    json (1.8.0)
    term-ansicolor (1.3.0)
      tins (~> 1.0)
    thor (0.18.1)
    tins (1.0.0)

PLATFORMS
  ruby

DEPENDENCIES
  json
  term-ansicolor
  thor
